GEM
  remote: https://rubygems.org/
  specs:
    CFPropertyList (2.2.8)
    facter (2.4.6)
      CFPropertyList (~> 2.2.6)
    hiera (3.2.2)
    json_pure (1.8.3)
    puppet (4.8.1)
      CFPropertyList (~> 2.2.6)
      facter (> 2.0, < 4)
      hiera (>= 2.0, < 4)
      json_pure (~> 1.8)

PLATFORMS
  ruby

DEPENDENCIES
  puppet (~> 4.8, >= 4.8.1)

BUNDLED WITH
   1.12.5
